GEM
  remote: https://rubygems.org/
  specs:
    clap (1.0.0)
    cuba (4.0.3)
      rack (>= 3.0.0)
      rack-session (>= 2.0.0)
    cutest (1.2.3)
      clap
    nio4r (2.7.4)
    puma (6.5.0)
      nio4r (~> 2.0)
    rack (3.1.8)
    rack-session (2.0.0)
      rack (>= 3.0.0)
    rack-test (2.1.0)
      rack (>= 1.3)
    rackup (2.2.1)
      rack (>= 3)
    sqlite3 (1.7.3-x86_64-linux)

PLATFORMS
  x86_64-linux

DEPENDENCIES
  cuba (~> 4.0, >= 4.0.3)
  cutest
  puma
  rack
  rack-test
  rackup
  sqlite3 (~> 1.3, >= 1.3.11)

RUBY VERSION
   ruby 3.0.2p107

BUNDLED WITH
   2.3.5
